GEM
  remote: https://rubygems.org/
  specs:
    pg (1.5.9)

PLATFORMS
  arm64-darwin-23
  ruby

DEPENDENCIES
  pg (~> 1.5)

BUNDLED WITH
   2.5.17
